PATH
  remote: .
  specs:
    async-aws (0.1.0)
      async-http (> 0.48)

GEM
  remote: https://rubygems.org/
  specs:
    async (1.23.0)
      console (~> 1.0)
      nio4r (~> 2.3)
      timers (~> 4.1)
    async-http (0.48.2)
      async (~> 1.19)
      async-io (~> 1.25)
      protocol-http (~> 0.12.0)
      protocol-http1 (~> 0.9.0)
      protocol-http2 (~> 0.9.0)
    async-io (1.27.0)
      async (~> 1.14)
    aws-eventstream (1.0.3)
    aws-partitions (1.223.0)
    aws-sdk-core (3.68.1)
      aws-eventstream (~> 1.0, >= 1.0.2)
      aws-partitions (~> 1.0)
      aws-sigv4 (~> 1.1)
      jmespath (~> 1.0)
    aws-sdk-dynamodb (1.36.0)
      aws-sdk-core (~> 3, >= 3.61.1)
      aws-sigv4 (~> 1.1)
    aws-sdk-kms (1.24.0)
      aws-sdk-core (~> 3, >= 3.61.1)
      aws-sigv4 (~> 1.1)
    aws-sdk-s3 (1.50.0)
      aws-sdk-core (~> 3, >= 3.61.1)
      aws-sdk-kms (~> 1)
      aws-sigv4 (~> 1.1)
    aws-sigv4 (1.1.0)
      aws-eventstream (~> 1.0, >= 1.0.2)
    console (1.5.0)
    diff-lcs (1.3)
    jmespath (1.4.0)
    nio4r (2.5.2)
    protocol-hpack (1.4.1)
    protocol-http (0.12.3)
    protocol-http1 (0.9.0)
      protocol-http (~> 0.5)
    protocol-http2 (0.9.7)
      protocol-hpack (~> 1.4)
      protocol-http (~> 0.2)
    rake (10.5.0)
    rspec (3.9.0)
      rspec-core (~> 3.9.0)
      rspec-expectations (~> 3.9.0)
      rspec-mocks (~> 3.9.0)
    rspec-core (3.9.0)
      rspec-support (~> 3.9.0)
    rspec-expectations (3.9.0)
      diff-lcs (>= 1.2.0, < 2.0)
      rspec-support (~> 3.9.0)
    rspec-mocks (3.9.0)
      diff-lcs (>= 1.2.0, < 2.0)
      rspec-support (~> 3.9.0)
    rspec-support (3.9.0)
    timers (4.3.0)

PLATFORMS
  ruby

DEPENDENCIES
  async
  async-aws!
  aws-sdk-dynamodb
  aws-sdk-s3
  bundler (~> 2.0)
  rake (~> 10.0)
  rspec (~> 3.0)

BUNDLED WITH
   2.0.2
